GEM
  remote: http://rubygems.org/
  specs:
    diff-lcs (1.1.2)
    nest (1.0.1)
      redis (~> 2.1)
    ohm (0.1.3)
      nest (~> 1.0)
    rack (1.2.1)
    rack-test (0.5.6)
      rack (>= 1.0)
    redis (2.1.1)
    rspec (2.2.0)
      rspec-core (~> 2.2)
      rspec-expectations (~> 2.2)
      rspec-mocks (~> 2.2)
    rspec-core (2.2.1)
    rspec-expectations (2.2.0)
      diff-lcs (~> 1.1.2)
    rspec-mocks (2.2.0)
    sinatra (1.1.0)
      rack (~> 1.1)
      tilt (~> 1.1)
    tilt (1.1)

PLATFORMS
  ruby

DEPENDENCIES
  ohm
  rack-test
  rspec
  sinatra
